PATH
  remote: padrino
  specs:
    padrino (0.9.15)
      padrino-admin (= 0.9.15)
      padrino-core (= 0.9.15)
      padrino-gen (= 0.9.15)
      padrino-helpers (= 0.9.15)
      padrino-mailer (= 0.9.15)

PATH
  remote: padrino-admin
  specs:
    padrino-admin (0.9.15)
      padrino-core (= 0.9.15)
      padrino-helpers (= 0.9.15)

PATH
  remote: padrino-cache
  specs:
    padrino-cache (0.9.15)
      padrino-core (= 0.9.15)

PATH
  remote: padrino-core
  specs:
    padrino-core (0.9.15)
      activesupport (>= 2.3.8)
      http_router (>= 0.3.15)
      sinatra (>= 1.0.0)
      thor (>= 0.13.0)

PATH
  remote: padrino-gen
  specs:
    padrino-gen (0.9.15)
      bundler (>= 1.0.0.rc.2)
      git
      padrino-core (= 0.9.15)

PATH
  remote: padrino-helpers
  specs:
    padrino-helpers (0.9.15)
      i18n (>= 0.4.1)
      padrino-core (= 0.9.15)

PATH
  remote: padrino-mailer
  specs:
    padrino-mailer (0.9.15)
      mail (>= 2.2.0)
      padrino-core (= 0.9.15)

GEM
  remote: http://rubygems.org/
  specs:
    activesupport (2.3.8)
    addressable (2.1.2)
    builder (2.1.2)
    data_objects (0.10.2)
      addressable (~> 2.1)
    dm-aggregates (1.0.0)
      dm-core (~> 1.0.0)
    dm-core (1.0.0)
      addressable (~> 2.1)
      extlib (~> 0.9.15)
    dm-do-adapter (1.0.0)
      data_objects (~> 0.10.1)
      dm-core (~> 1.0.0)
    dm-migrations (1.0.0)
      dm-core (~> 1.0.0)
    dm-sqlite-adapter (1.0.0)
      dm-do-adapter (~> 1.0.0)
      do_sqlite3 (~> 0.10.2)
    dm-validations (1.0.0)
      dm-core (~> 1.0.0)
    do_jdbc (0.10.2-java)
      data_objects (= 0.10.2)
    do_sqlite3 (0.10.2)
      data_objects (= 0.10.2)
    do_sqlite3 (0.10.2-java)
      data_objects (= 0.10.2)
      do_jdbc (= 0.10.2)
      jdbc-sqlite3 (>= 3.5.8)
    extlib (0.9.15)
    fakeweb (1.2.8)
    git (1.2.5)
    haml (3.0.15)
    http_router (0.3.15)
      rack (>= 1.0)
      url_mount (>= 0.2.1)
    i18n (0.4.1)
    jdbc-sqlite3 (3.6.3.054)
    macaddr (1.0.0)
    mail (2.2.5)
      activesupport (>= 2.3.6)
      mime-types
      treetop (>= 1.4.5)
    mime-types (1.16)
    mocha (0.9.8)
      rake
    nokogiri (1.4.3.1)
    nokogiri (1.4.3.1-java)
      weakling (>= 0.0.3)
    polyglot (0.3.1)
    rack (1.2.1)
    rack-test (0.5.4)
      rack (>= 1.0)
    rake (0.8.7)
    rcov (0.9.8)
    ruby-prof (0.9.1)
    shoulda (2.11.1)
    sinatra (1.0)
      rack (>= 1.0)
    thor (0.14.0)
    treetop (1.4.8)
      polyglot (>= 0.3.1)
    url_mount (0.2.1)
      rack
    uuid (2.3.1)
      macaddr (~> 1.0)
    weakling (0.0.4-java)
    webrat (0.7.1)
      nokogiri (>= 1.2.0)
      rack (>= 1.0)
      rack-test (>= 0.5.3)

PLATFORMS
  java
  ruby

DEPENDENCIES
  builder (>= 2.1.2)
  dm-aggregates (>= 1.0)
  dm-core (>= 1.0)
  dm-migrations (>= 1.0)
  dm-sqlite-adapter (>= 1.0)
  dm-validations (>= 1.0)
  fakeweb (>= 1.2.8)
  haml (>= 2.2.22)
  mocha (>= 0.9.8)
  padrino!
  padrino-admin!
  padrino-cache!
  padrino-core!
  padrino-gen!
  padrino-helpers!
  padrino-mailer!
  rack-test (>= 0.5.0)
  rake (>= 0.8.7)
  rcov (= 0.9.8)
  ruby-prof (>= 0.9.1)
  shoulda (>= 2.10.3)
  uuid (>= 2.3.1)
  webrat (>= 0.5.1)
